GEM
  remote: https://rubygems.org/
  specs:
    allison (2.0.3)
    colored (1.2)
    cri (2.6.0)
      colored (~> 1.2)
    echoe (4.6.5)
      allison (>= 2.0.3)
      rake (>= 0.9.2)
      rdoc (>= 2.5.11)
      rubyforge (>= 2.0.4)
    execjs (2.0.2)
    json (1.8.1)
    json_pure (1.8.1)
    mini_portile (0.5.2)
    nanoc (3.6.9)
      cri (~> 2.3)
    nokogiri (1.6.1)
      mini_portile (~> 0.5.0)
    pandoc-ruby (0.7.5)
    rainpress (1.0)
      echoe
    rake (10.3.1)
    rdoc (4.1.1)
      json (~> 1.4)
    rubyforge (2.0.4)
      json_pure (>= 1.1.7)
    uglifier (2.5.0)
      execjs (>= 0.3.0)
      json (>= 1.8.0)

PLATFORMS
  ruby

DEPENDENCIES
  nanoc
  nokogiri
  pandoc-ruby
  rainpress
  uglifier
